GEM
  remote: https://rubygems.org/
  specs:
    erubis (2.7.0)
    faraday (0.8.7)
      multipart-post (~> 1.1)
    github-markup (0.7.5)
    multi_json (1.7.7)
    multipart-post (1.2.0)
    oauth (0.4.7)
    rack (1.5.2)
    rack-protection (1.5.0)
      rack
    redcarpet (2.3.0)
    rinku (1.7.3)
    simple_oauth (0.2.0)
    sinatra (1.4.3)
      rack (~> 1.4)
      rack-protection (~> 1.4)
      tilt (~> 1.3, >= 1.3.4)
    tilt (1.4.1)
    twitter (4.8.1)
      faraday (~> 0.8, < 0.10)
      multi_json (~> 1.0)
      simple_oauth (~> 0.2)

PLATFORMS
  ruby

DEPENDENCIES
  erubis
  github-markup
  oauth
  redcarpet
  rinku
  sinatra
  twitter
